{"Modality":"MR","MagneticFieldStrength":3,"ImagingFrequency":123.227,"Manufacturer":"Siemens","ManufacturersModelName":"TrioTim","InstitutionName":"Baycrest Health Sciences","InstitutionalDepartmentName":"Diagnostic Imaging Department","InstitutionAddress":"Bathurst Street 3560,Toronto   ,Ontario,CA,M6A 2E1","DeviceSerialNumber":"35120","StationName":"MRC35120","PatientPosition":"HFS","ProcedureStepDescription":"VB17 NMatrix 12 Ch Head fMRI Projects^Head Active fMRI Projects","SoftwareVersions":"syngo MR B17","MRAcquisitionType":"2D","SeriesDescription":"OB_AX_ep2d_bold_Rs ~ 297","ProtocolName":"OB_AX_ep2d_bold_Rs ~ 297","ScanningSequence":"EP","SequenceVariant":"SK","ScanOptions":"FS","SequenceName":"*epfid2d1_64","ImageType":["ORIGINAL","PRIMARY","M","ND","NORM","MOSAIC"],"SeriesNumber":5,"AcquisitionTime":"14:28:20.785000","AcquisitionNumber":1,"ImageComments":"fMRI 147 (158)","SliceThickness":3,"SpacingBetweenSlices":3.48,"SAR":0.06892,"EchoTime":0.027,"RepetitionTime":2,"FlipAngle":70,"PartialFourier":1,"BaseResolution":64,"ShimSetting":[-153,28108,-3362,1028,710,450,68,-264],"TxRefAmp":312.542,"PhaseResolution":1,"ReceiveCoilName":"HeadMatrix","CoilString":"t:HEA;HEP","PulseSequenceDetails":"%SiemensSeq%\\ep2d_bold","RefLinesPE":32,"PercentPhaseFOV":100,"PercentSampling":100,"PhaseEncodingSteps":64,"AcquisitionMatrixPE":64,"ReconMatrixPE":64,"BandwidthPerPixelPhaseEncode":65.104,"ParallelReductionFactorInPlane":2,"EffectiveEchoSpacing":0.000240001,"DerivedVendorReportedEchoSpacing":0.000480001,"TotalReadoutTime":0.01512,"PixelBandwidth":2694,"DwellTime":2.9e-06,"PhaseEncodingDirection":"j-","SliceTiming":[1.005,0,1.055,0.05,1.105,0.1025,1.155,0.1525,1.205,0.2025,1.255,0.2525,1.305,0.3025,1.355,0.3525,1.4075,0.4025,1.4575,0.4525,1.5075,0.5025,1.5575,0.5525,1.6075,0.6025,1.6575,0.6525,1.7075,0.7025,1.7575,0.755,1.8075,0.805,1.8575,0.855,1.9075,0.905,1.9575,0.955],"ImageOrientationPatientDICOM":[0.997902,0.0460985,0.0454641,-0.043001,0.996832,-0.0669039],"InPlanePhaseEncodingDirectionDICOM":"COL","ConversionSoftware":"dcm2niix","ConversionSoftwareVersion":"v1.0.20210317","TaskName":"rest"}
