{
	"Modality": "MR",
	"MagneticFieldStrength": 3,
	"ImagingFrequency": 123.227,
	"Manufacturer": "Siemens",
	"ManufacturersModelName": "TrioTim",
	"InstitutionName": "Baycrest Health Sciences",
	"InstitutionalDepartmentName": "Diagnostic Imaging Department",
	"InstitutionAddress": "Bathurst Street 3560,Toronto   ,Ontario,CA,M6A 2E1",
	"DeviceSerialNumber": "35120",
	"StationName": "MRC35120",
	"PatientPosition": "HFS",
	"ProcedureStepDescription": "VB17 NMatrix 12 Ch Head fMRI Projects^Head Active fMRI Projects",
	"SoftwareVersions": "syngo MR B17",
	"MRAcquisitionType": "2D",
	"SeriesDescription": "OAx DWI, DTI p2 4+30dir 2mea 2.2iso FT3",
	"ProtocolName": "OAx DWI, DTI p2 4+30dir 2mea 2.2iso FT3",
	"ScanningSequence": "EP",
	"SequenceVariant": "SK\\SP",
	"ScanOptions": "PFP\\FS",
	"SequenceName": "*ep_b0",
	"ImageType": ["ORIGINAL", "PRIMARY", "DIFFUSION", "NONE", "ND", "MOSAIC"],
	"SeriesNumber": 9,
	"AcquisitionTime": "11:15:12.435000",
	"AcquisitionNumber": 1,
	"ImageComments": "fMRI 147 (Pilot # 2)",
	"SliceThickness": 2.2,
	"SpacingBetweenSlices": 2.2,
	"SAR": 0.259765,
	"EchoTime": 0.084,
	"RepetitionTime": 7.9,
	"FlipAngle": 90,
	"PartialFourier": 0.75,
	"BaseResolution": 110,
	"ShimSetting": [
		-111,
		28334,
		-3189,
		872,
		286,
		380,
		-257,
		-205	],
	"DiffusionScheme": "Monopolar",
	"TxRefAmp": 306.653,
	"PhaseResolution": 1,
	"ReceiveCoilName": "HeadMatrix",
	"CoilString": "T:HEA;HEP",
	"PulseSequenceDetails": "%SiemensSeq%\\ep2d_diff",
	"RefLinesPE": 34,
	"PercentPhaseFOV": 100,
	"PercentSampling": 100,
	"PhaseEncodingSteps": 89,
	"AcquisitionMatrixPE": 110,
	"ReconMatrixPE": 110,
	"BandwidthPerPixelPhaseEncode": 30.817,
	"ParallelReductionFactorInPlane": 2,
	"EffectiveEchoSpacing": 0.000294997,
	"DerivedVendorReportedEchoSpacing": 0.000589993,
	"TotalReadoutTime": 0.0321546,
	"PixelBandwidth": 2165,
	"DwellTime": 2.1e-06,
	"PhaseEncodingDirection": "j-",
	"SliceTiming": [
		3.965,
		0,
		4.08,
		0.115,
		4.1975,
		0.2325,
		4.315,
		0.35,
		4.43,
		0.465,
		4.5475,
		0.5825,
		4.665,
		0.6975,
		4.78,
		0.815,
		4.8975,
		0.9325,
		5.015,
		1.0475,
		5.13,
		1.165,
		5.2475,
		1.2825,
		5.365,
		1.3975,
		5.48,
		1.515,
		5.5975,
		1.6325,
		5.715,
		1.7475,
		5.83,
		1.865,
		5.9475,
		1.9825,
		6.065,
		2.0975,
		6.18,
		2.215,
		6.2975,
		2.3325,
		6.415,
		2.4475,
		6.53,
		2.565,
		6.6475,
		2.6825,
		6.765,
		2.7975,
		6.88,
		2.915,
		6.9975,
		3.0325,
		7.115,
		3.1475,
		7.23,
		3.265,
		7.3475,
		3.3825,
		7.4625,
		3.4975,
		7.58,
		3.615,
		7.6975,
		3.7325,
		7.8125,
		3.8475	],
	"ImageOrientationPatientDICOM": [
		0.996125,
		-0.0878786,
		-0.00362217,
		0.0818957,
		0.941752,
		-0.326183	],
	"InPlanePhaseEncodingDirectionDICOM": "COL",
	"ConversionSoftware": "dcm2niix",
	"ConversionSoftwareVersion": "v1.0.20210317"
}
