{
	"Modality": "MR",
	"MagneticFieldStrength": 3,
	"ImagingFrequency": 123.227,
	"Manufacturer": "Siemens",
	"ManufacturersModelName": "TrioTim",
	"InstitutionName": "Baycrest_Health_Sciences",
	"InstitutionalDepartmentName": "Diagnostic_Imaging_Department",
	"InstitutionAddress": "Bathurst_Street_3560_Toronto_Ontario_CA_M6A_2E1",
	"DeviceSerialNumber": "35120",
	"StationName": "MRC35120",
	"PatientPosition": "HFS",
	"ProcedureStepDescription": "VB17_NMatrix_12_Ch_Head_fMRI_Projects_Head_Active_fMRI_Projects",
	"SoftwareVersions": "syngo_MR_B17",
	"MRAcquisitionType": "2D",
	"SeriesDescription": "OAx_DWI_DTI_p2_4+30dir_2mea_2.2iso_FT3",
	"ProtocolName": "OAx_DWI_DTI_p2_4+30dir_2mea_2.2iso_FT3",
	"ScanningSequence": "EP",
	"SequenceVariant": "SK_SP",
	"ScanOptions": "PFP_FS",
	"SequenceName": "_ep_b0",
	"ImageType": ["ORIGINAL", "PRIMARY", "DIFFUSION", "NONE", "ND", "MOSAIC"],
	"SeriesNumber": 9,
	"AcquisitionTime": "11:04:30.902500",
	"AcquisitionNumber": 1,
	"ImageComments": "fMRI_147_(2)",
	"SliceThickness": 2.2,
	"SpacingBetweenSlices": 2.2,
	"SAR": 0.231322,
	"EchoTime": 0.084,
	"RepetitionTime": 7.9,
	"FlipAngle": 90,
	"PartialFourier": 0.75,
	"BaseResolution": 110,
	"ShimSetting": [
		-91,
		28145,
		-3117,
		1053,
		264,
		-173,
		292,
		-191	],
	"DiffusionScheme": "Monopolar",
	"TxRefAmp": 313.216,
	"PhaseResolution": 1,
	"ReceiveCoilName": "HeadMatrix",
	"CoilString": "T:HEA;HEP",
	"PulseSequenceDetails": "%SiemensSeq%_ep2d_diff",
	"RefLinesPE": 34,
	"PercentPhaseFOV": 100,
	"PhaseEncodingSteps": 89,
	"AcquisitionMatrixPE": 110,
	"ReconMatrixPE": 110,
	"BandwidthPerPixelPhaseEncode": 30.817,
	"ParallelReductionFactorInPlane": 2,
	"EffectiveEchoSpacing": 0.000294997,
	"DerivedVendorReportedEchoSpacing": 0.000589993,
	"TotalReadoutTime": 0.0321546,
	"PixelBandwidth": 2165,
	"DwellTime": 2.1e-06,
	"PhaseEncodingDirection": "j-",
	"SliceTiming": [
		3.965,
		0,
		4.0825,
		0.115,
		4.1975,
		0.2325,
		4.315,
		0.35,
		4.4325,
		0.465,
		4.5475,
		0.5825,
		4.665,
		0.7,
		4.7825,
		0.815,
		4.8975,
		0.9325,
		5.015,
		1.05,
		5.1325,
		1.165,
		5.2475,
		1.2825,
		5.365,
		1.4,
		5.4825,
		1.515,
		5.5975,
		1.6325,
		5.715,
		1.75,
		5.83,
		1.865,
		5.9475,
		1.9825,
		6.065,
		2.1,
		6.18,
		2.215,
		6.2975,
		2.3325,
		6.415,
		2.4475,
		6.53,
		2.565,
		6.6475,
		2.6825,
		6.765,
		2.7975,
		6.88,
		2.915,
		6.9975,
		3.0325,
		7.115,
		3.1475,
		7.23,
		3.265,
		7.3475,
		3.3825,
		7.465,
		3.4975,
		7.58,
		3.615,
		7.6975,
		3.7325,
		7.815,
		3.8475	],
	"ImageOrientationPatientDICOM": [
		0.999158,
		0.0170394,
		0.0373345,
		-0.0153469,
		0.998862,
		-0.04516	],
	"InPlanePhaseEncodingDirectionDICOM": "COL",
	"ConversionSoftware": "dcm2niix",
	"ConversionSoftwareVersion": "v1.0.20190410  GCC4.4.7"
}
