{"Modality":"MR","MagneticFieldStrength":3,"ImagingFrequency":123.227,"Manufacturer":"Siemens","ManufacturersModelName":"TrioTim","InstitutionName":"Baycrest Health Sciences","InstitutionalDepartmentName":"Diagnostic Imaging Department","InstitutionAddress":"Bathurst Street 3560,Toronto   ,Ontario,CA,M6A 2E1","DeviceSerialNumber":"35120","StationName":"MRC35120","PatientPosition":"HFS","ProcedureStepDescription":"VB17 NMatrix 12 Ch Head fMRI Projects^Head Active fMRI Projects","SoftwareVersions":"syngo MR B17","MRAcquisitionType":"2D","SeriesDescription":"OB_AX_ep2d_bold_Rs ~ 297","ProtocolName":"OB_AX_ep2d_bold_Rs ~ 297","ScanningSequence":"EP","SequenceVariant":"SK","ScanOptions":"FS","SequenceName":"*epfid2d1_64","ImageType":["ORIGINAL","PRIMARY","M","ND","NORM","MOSAIC"],"SeriesNumber":5,"AcquisitionTime":"14:26:59.025000","AcquisitionNumber":1,"ImageComments":"fMRI 147 (85)","SliceThickness":3,"SpacingBetweenSlices":3.48,"SAR":0.13442,"EchoTime":0.027,"RepetitionTime":2,"FlipAngle":70,"PartialFourier":1,"BaseResolution":64,"ShimSetting":[-104,28158,-3212,1228,333,-22,-79,-120],"TxRefAmp":289.169,"PhaseResolution":1,"ReceiveCoilName":"HeadMatrix","CoilString":"t:HEA;HEP","PulseSequenceDetails":"%SiemensSeq%\\ep2d_bold","RefLinesPE":32,"PercentPhaseFOV":100,"PercentSampling":100,"PhaseEncodingSteps":64,"AcquisitionMatrixPE":64,"ReconMatrixPE":64,"BandwidthPerPixelPhaseEncode":65.104,"ParallelReductionFactorInPlane":2,"EffectiveEchoSpacing":0.000240001,"DerivedVendorReportedEchoSpacing":0.000480001,"TotalReadoutTime":0.01512,"PixelBandwidth":2694,"DwellTime":2.9e-06,"PhaseEncodingDirection":"j-","SliceTiming":[1.0025,0,1.055,0.05,1.105,0.1,1.155,0.15,1.205,0.2,1.255,0.25,1.305,0.3,1.355,0.35,1.405,0.4025,1.455,0.4525,1.505,0.5025,1.555,0.5525,1.605,0.6025,1.655,0.6525,1.7075,0.7025,1.7575,0.7525,1.8075,0.8025,1.8575,0.8525,1.9075,0.9025,1.9575,0.9525],"ImageOrientationPatientDICOM":[0.999998,-0.00191696,-0.000813462,0.00175032,0.985375,-0.17039],"InPlanePhaseEncodingDirectionDICOM":"COL","ConversionSoftware":"dcm2niix","ConversionSoftwareVersion":"v1.0.20210317","TaskName":"rest"}
