{
	"Modality": "MR",
	"MagneticFieldStrength": 3,
	"ImagingFrequency": 123.227,
	"Manufacturer": "Siemens",
	"ManufacturersModelName": "TrioTim",
	"InstitutionName": "Baycrest Health Sciences",
	"InstitutionalDepartmentName": "Diagnostic Imaging Department",
	"InstitutionAddress": "Bathurst Street 3560,Toronto   ,Ontario,CA,M6A 2E1",
	"DeviceSerialNumber": "35120",
	"StationName": "MRC35120",
	"PatientPosition": "HFS",
	"ProcedureStepDescription": "VB17 NMatrix 12 Ch Head fMRI Projects^Head Active fMRI Projects",
	"SoftwareVersions": "syngo MR B17",
	"MRAcquisitionType": "3D",
	"SeriesDescription": "Sag 3D SPACE FLAIR (spc_ir_ns_sag_p2_iso)",
	"ProtocolName": "Sag 3D SPACE FLAIR (spc_ir_ns_sag_p2_iso)",
	"ScanningSequence": "SE\\IR",
	"SequenceVariant": "SK\\SP\\MP",
	"ScanOptions": "IR\\PFP",
	"SequenceName": "*spcir3d1_298ns",
	"ImageType": ["ORIGINAL", "PRIMARY", "M", "ND", "NORM"],
	"SeriesNumber": 4,
	"AcquisitionTime": "14:17:58.420000",
	"AcquisitionNumber": 1,
	"ImageComments": "fMRI 147 (32)",
	"SliceThickness": 1,
	"SAR": 0.116746,
	"EchoTime": 0.466,
	"RepetitionTime": 4,
	"InversionTime": 2.5,
	"FlipAngle": 120,
	"PartialFourier": 1,
	"Interpolation2D": 1,
	"BaseResolution": 256,
	"ShimSetting": [
		-107,
		28090,
		-3282,
		901,
		228,
		-250,
		92,
		-74	],
	"TxRefAmp": 298.702,
	"PhaseResolution": 1.00781,
	"ReceiveCoilName": "HeadMatrix",
	"CoilString": "T:HEA;HEP",
	"PulseSequenceDetails": "%SiemensSeq%\\tse_vfl",
	"RefLinesPE": 40,
	"PercentPhaseFOV": 100,
	"PercentSampling": 100.781,
	"EchoTrainLength": 149,
	"PhaseEncodingSteps": 254,
	"AcquisitionMatrixPE": 258,
	"ReconMatrixPE": 512,
	"ParallelReductionFactorInPlane": 2,
	"PixelBandwidth": 849,
	"DwellTime": 2.3e-06,
	"PhaseEncodingDirection": "i",
	"ImageOrientationPatientDICOM": [
		0.029979,
		0.997708,
		0.0606664,
		0.012251,
		0.0603224,
		-0.998104	],
	"InPlanePhaseEncodingDirectionDICOM": "ROW",
	"ConversionSoftware": "dcm2niix",
	"ConversionSoftwareVersion": "v1.0.20210317"
}
