{
	"Modality": "MR",
	"MagneticFieldStrength": 3,
	"ImagingFrequency": 123.227,
	"Manufacturer": "Siemens",
	"ManufacturersModelName": "TrioTim",
	"InstitutionName": "Baycrest Health Sciences",
	"InstitutionalDepartmentName": "Diagnostic Imaging Department",
	"InstitutionAddress": "Bathurst Street 3560,Toronto   ,Ontario,CA,M6A 2E1",
	"DeviceSerialNumber": "35120",
	"StationName": "MRC35120",
	"PatientPosition": "HFS",
	"ProcedureStepDescription": "VB17 NMatrix 12 Ch Head fMRI Projects^Head Active fMRI Projects",
	"SoftwareVersions": "syngo MR B17",
	"MRAcquisitionType": "2D",
	"SeriesDescription": "OAx DWI, DTI p2 4+30dir 2mea 2.2iso FT3",
	"ProtocolName": "OAx DWI, DTI p2 4+30dir 2mea 2.2iso FT3",
	"ScanningSequence": "EP",
	"SequenceVariant": "SK\\SP",
	"ScanOptions": "PFP\\FS",
	"SequenceName": "*ep_b0",
	"ImageType": ["ORIGINAL", "PRIMARY", "DIFFUSION", "NONE", "ND", "MOSAIC"],
	"SeriesNumber": 10,
	"AcquisitionTime": "11:38:46.382500",
	"AcquisitionNumber": 1,
	"ImageComments": "fMRI 147 (30)",
	"SliceThickness": 2.2,
	"SpacingBetweenSlices": 2.2,
	"SAR": 0.191647,
	"EchoTime": 0.084,
	"RepetitionTime": 7.9,
	"FlipAngle": 90,
	"PartialFourier": 0.75,
	"BaseResolution": 110,
	"ShimSetting": [
		-128,
		28162,
		-3215,
		794,
		205,
		45,
		-13,
		-107	],
	"DiffusionScheme": "Monopolar",
	"TxRefAmp": 298.116,
	"PhaseResolution": 1,
	"ReceiveCoilName": "HeadMatrix",
	"CoilString": "T:HEA;HEP",
	"PulseSequenceDetails": "%SiemensSeq%\\ep2d_diff",
	"RefLinesPE": 34,
	"PercentPhaseFOV": 100,
	"PercentSampling": 100,
	"PhaseEncodingSteps": 89,
	"AcquisitionMatrixPE": 110,
	"ReconMatrixPE": 110,
	"BandwidthPerPixelPhaseEncode": 30.817,
	"ParallelReductionFactorInPlane": 2,
	"EffectiveEchoSpacing": 0.000294997,
	"DerivedVendorReportedEchoSpacing": 0.000589993,
	"TotalReadoutTime": 0.0321546,
	"PixelBandwidth": 2165,
	"DwellTime": 2.1e-06,
	"PhaseEncodingDirection": "j-",
	"SliceTiming": [
		3.965,
		0,
		4.0825,
		0.1175,
		4.2,
		0.2325,
		4.315,
		0.35,
		4.4325,
		0.4675,
		4.55,
		0.5825,
		4.665,
		0.7,
		4.7825,
		0.8175,
		4.9,
		0.9325,
		5.015,
		1.05,
		5.1325,
		1.1675,
		5.25,
		1.2825,
		5.365,
		1.4,
		5.4825,
		1.5175,
		5.6,
		1.6325,
		5.715,
		1.75,
		5.8325,
		1.8675,
		5.95,
		1.9825,
		6.065,
		2.1,
		6.1825,
		2.2175,
		6.2975,
		2.3325,
		6.415,
		2.45,
		6.5325,
		2.5675,
		6.6475,
		2.6825,
		6.765,
		2.8,
		6.8825,
		2.9175,
		6.9975,
		3.0325,
		7.115,
		3.15,
		7.2325,
		3.265,
		7.3475,
		3.3825,
		7.465,
		3.5,
		7.5825,
		3.615,
		7.6975,
		3.7325,
		7.815,
		3.85	],
	"ImageOrientationPatientDICOM": [
		0.999363,
		0.0150791,
		0.0323429,
		-0.0153507,
		0.999849,
		0.0081655	],
	"InPlanePhaseEncodingDirectionDICOM": "COL",
	"ConversionSoftware": "dcm2niix",
	"ConversionSoftwareVersion": "v1.0.20210317"
}
