{
	"Modality": "MR",
	"MagneticFieldStrength": 3,
	"ImagingFrequency": 123.227,
	"Manufacturer": "Siemens",
	"ManufacturersModelName": "TrioTim",
	"InstitutionName": "Baycrest Health Sciences",
	"InstitutionalDepartmentName": "Diagnostic Imaging Department",
	"InstitutionAddress": "Bathurst Street 3560,Toronto   ,Ontario,CA,M6A 2E1",
	"DeviceSerialNumber": "35120",
	"StationName": "MRC35120",
	"PatientPosition": "HFS",
	"ProcedureStepDescription": "VB17 NMatrix 12 Ch Head fMRI Projects^Head Active fMRI Projects",
	"SoftwareVersions": "syngo MR B17",
	"MRAcquisitionType": "3D",
	"SeriesDescription": "T1 MPRAGE OB-AXIAL",
	"ProtocolName": "T1 MPRAGE OB-AXIAL",
	"ScanningSequence": "GR\\IR",
	"SequenceVariant": "SP\\MP",
	"ScanOptions": "IR",
	"SequenceName": "*tfl3d1",
	"ImageType": ["ORIGINAL", "PRIMARY", "M", "ND", "NORM"],
	"SeriesNumber": 6,
	"AcquisitionTime": "11:03:12.350000",
	"AcquisitionNumber": 1,
	"ImageComments": "fMRI 147 (30)",
	"SliceThickness": 1,
	"SAR": 0.0400695,
	"EchoTime": 0.00263,
	"RepetitionTime": 2,
	"InversionTime": 1.1,
	"FlipAngle": 9,
	"PartialFourier": 1,
	"BaseResolution": 256,
	"ShimSetting": [
		-129,
		28161,
		-3223,
		762,
		195,
		33,
		-6,
		-107	],
	"TxRefAmp": 298.116,
	"PhaseResolution": 1,
	"ReceiveCoilName": "HeadMatrix",
	"CoilString": "t:HEA;HEP",
	"PulseSequenceDetails": "%SiemensSeq%\\tfl",
	"PercentPhaseFOV": 75,
	"PercentSampling": 100,
	"PhaseEncodingSteps": 192,
	"AcquisitionMatrixPE": 192,
	"ReconMatrixPE": 192,
	"PixelBandwidth": 199,
	"DwellTime": 9.8e-06,
	"ImageOrientationPatientDICOM": [
		0.999363,
		0.0150787,
		0.0323429,
		-0.0153503,
		0.999849,
		0.00816551	],
	"InPlanePhaseEncodingDirectionDICOM": "ROW",
	"ConversionSoftware": "dcm2niix",
	"ConversionSoftwareVersion": "v1.0.20210317"
}
