{
	"Modality": "MR",
	"MagneticFieldStrength": 3,
	"ImagingFrequency": 123.227,
	"Manufacturer": "Siemens",
	"ManufacturersModelName": "TrioTim",
	"InstitutionName": "Baycrest Health Sciences",
	"InstitutionalDepartmentName": "Diagnostic Imaging Department",
	"InstitutionAddress": "Bathurst Street 3560,Toronto   ,Ontario,CA,M6A 2E1",
	"DeviceSerialNumber": "35120",
	"StationName": "MRC35120",
	"PatientPosition": "HFS",
	"ProcedureStepDescription": "VB17 NMatrix 12 Ch Head fMRI Projects^Head Active fMRI Projects",
	"SoftwareVersions": "syngo MR B17",
	"MRAcquisitionType": "2D",
	"SeriesDescription": "OAx DWI, DTI p2 4+30dir 2mea 2.2iso FT3",
	"ProtocolName": "OAx DWI, DTI p2 4+30dir 2mea 2.2iso FT3",
	"ScanningSequence": "EP",
	"SequenceVariant": "SK\\SP",
	"ScanOptions": "PFP\\FS",
	"SequenceName": "*ep_b0",
	"ImageType": ["ORIGINAL", "PRIMARY", "DIFFUSION", "NONE", "ND", "MOSAIC"],
	"SeriesNumber": 9,
	"AcquisitionTime": "15:15:9.515000",
	"AcquisitionNumber": 1,
	"ImageComments": "fMRI 147 (17)",
	"SliceThickness": 2.2,
	"SpacingBetweenSlices": 2.2,
	"SAR": 0.294297,
	"EchoTime": 0.084,
	"RepetitionTime": 7.9,
	"FlipAngle": 90,
	"PartialFourier": 0.75,
	"BaseResolution": 110,
	"ShimSetting": [
		-166,
		28056,
		-3297,
		1168,
		245,
		256,
		-141,
		-195	],
	"DiffusionScheme": "Monopolar",
	"TxRefAmp": 299.682,
	"PhaseResolution": 1,
	"ReceiveCoilName": "HeadMatrix",
	"CoilString": "T:HEA;HEP",
	"PulseSequenceDetails": "%SiemensSeq%\\ep2d_diff",
	"RefLinesPE": 34,
	"PercentPhaseFOV": 100,
	"PercentSampling": 100,
	"PhaseEncodingSteps": 89,
	"AcquisitionMatrixPE": 110,
	"ReconMatrixPE": 110,
	"BandwidthPerPixelPhaseEncode": 30.817,
	"ParallelReductionFactorInPlane": 2,
	"EffectiveEchoSpacing": 0.000294997,
	"DerivedVendorReportedEchoSpacing": 0.000589993,
	"TotalReadoutTime": 0.0321546,
	"PixelBandwidth": 2165,
	"DwellTime": 2.1e-06,
	"PhaseEncodingDirection": "j-",
	"SliceTiming": [
		3.965,
		0,
		4.0825,
		0.115,
		4.1975,
		0.2325,
		4.315,
		0.35,
		4.4325,
		0.465,
		4.5475,
		0.5825,
		4.665,
		0.7,
		4.7825,
		0.815,
		4.8975,
		0.9325,
		5.015,
		1.05,
		5.1325,
		1.165,
		5.2475,
		1.2825,
		5.365,
		1.4,
		5.4825,
		1.515,
		5.5975,
		1.6325,
		5.715,
		1.75,
		5.8325,
		1.865,
		5.9475,
		1.9825,
		6.065,
		2.1,
		6.18,
		2.215,
		6.2975,
		2.3325,
		6.415,
		2.45,
		6.53,
		2.565,
		6.6475,
		2.6825,
		6.765,
		2.7975,
		6.88,
		2.915,
		6.9975,
		3.0325,
		7.115,
		3.1475,
		7.23,
		3.265,
		7.3475,
		3.3825,
		7.465,
		3.4975,
		7.58,
		3.615,
		7.6975,
		3.7325,
		7.815,
		3.8475	],
	"ImageOrientationPatientDICOM": [
		0.997919,
		-0.0307179,
		-0.0566865,
		0.0290948,
		0.999149,
		-0.02924	],
	"InPlanePhaseEncodingDirectionDICOM": "COL",
	"ConversionSoftware": "dcm2niix",
	"ConversionSoftwareVersion": "v1.0.20210317"
}
