{
	"Modality": "MR",
	"MagneticFieldStrength": 3,
	"ImagingFrequency": 123.227,
	"Manufacturer": "Siemens",
	"ManufacturersModelName": "TrioTim",
	"InstitutionName": "Baycrest Health Sciences",
	"InstitutionalDepartmentName": "Diagnostic Imaging Department",
	"InstitutionAddress": "Bathurst Street 3560,Toronto   ,Ontario,CA,M6A 2E1",
	"DeviceSerialNumber": "35120",
	"StationName": "MRC35120",
	"PatientPosition": "HFS",
	"ProcedureStepDescription": "VB17 NMatrix 12 Ch Head fMRI Projects^Head Active fMRI Projects",
	"SoftwareVersions": "syngo MR B17",
	"MRAcquisitionType": "3D",
	"SeriesDescription": "T1 MPRAGE OB-AXIAL",
	"ProtocolName": "T1 MPRAGE OB-AXIAL",
	"ScanningSequence": "GR\\IR",
	"SequenceVariant": "SP\\MP",
	"ScanOptions": "IR",
	"SequenceName": "*tfl3d1",
	"ImageType": ["ORIGINAL", "PRIMARY", "M", "ND", "NORM"],
	"SeriesNumber": 5,
	"AcquisitionTime": "09:09:48.867500",
	"AcquisitionNumber": 1,
	"ImageComments": "fMRI 147 ( Pilot # 1 )",
	"SliceThickness": 1,
	"SAR": 0.0640618,
	"EchoTime": 0.00263,
	"RepetitionTime": 2,
	"InversionTime": 1.1,
	"FlipAngle": 9,
	"PartialFourier": 1,
	"BaseResolution": 256,
	"ShimSetting": [
		-72,
		28045,
		-3141,
		1093,
		247,
		-124,
		-179,
		-227	],
	"TxRefAmp": 302.835,
	"PhaseResolution": 1,
	"ReceiveCoilName": "HeadMatrix",
	"CoilString": "t:HEA;HEP",
	"PulseSequenceDetails": "%SiemensSeq%\\tfl",
	"PercentPhaseFOV": 75,
	"PercentSampling": 100,
	"PhaseEncodingSteps": 192,
	"AcquisitionMatrixPE": 192,
	"ReconMatrixPE": 192,
	"PixelBandwidth": 199,
	"DwellTime": 9.8e-06,
	"ImageOrientationPatientDICOM": [
		0.999898,
		-0.0133862,
		-0.00495355,
		0.0137876,
		0.995605,
		0.092628	],
	"InPlanePhaseEncodingDirectionDICOM": "ROW",
	"ConversionSoftware": "dcm2niix",
	"ConversionSoftwareVersion": "v1.0.20210317"
}
