{"Modality":"MR","MagneticFieldStrength":3,"ImagingFrequency":123.227,"Manufacturer":"Siemens","ManufacturersModelName":"TrioTim","InstitutionName":"Baycrest Health Sciences","InstitutionalDepartmentName":"Diagnostic Imaging Department","InstitutionAddress":"Bathurst Street 3560,Toronto   ,Ontario,CA,M6A 2E1","DeviceSerialNumber":"35120","StationName":"MRC35120","PatientPosition":"HFS","ProcedureStepDescription":"VB17 NMatrix 12 Ch Head fMRI Projects^Head Active fMRI Projects","SoftwareVersions":"syngo MR B17","MRAcquisitionType":"2D","SeriesDescription":"OB_AX_ep2d_bold~ 216","ProtocolName":"OB_AX_ep2d_bold~ 216","ScanningSequence":"EP","SequenceVariant":"SK","ScanOptions":"FS","SequenceName":"*epfid2d1_64","ImageType":["ORIGINAL","PRIMARY","M","ND","NORM","MOSAIC"],"SeriesNumber":7,"AcquisitionTime":"14:42:16.967500","AcquisitionNumber":1,"ImageComments":"fMRI 147 (126)","SliceThickness":3,"SpacingBetweenSlices":3.48,"SAR":0.0840048,"EchoTime":0.027,"RepetitionTime":2,"FlipAngle":70,"PartialFourier":1,"BaseResolution":64,"ShimSetting":[-149,28195,-3351,1193,283,431,-40,-118],"TxRefAmp":303.641,"PhaseResolution":1,"ReceiveCoilName":"HeadMatrix","CoilString":"t:HEA;HEP","PulseSequenceDetails":"%SiemensSeq%\\ep2d_bold","RefLinesPE":32,"PercentPhaseFOV":100,"PercentSampling":100,"PhaseEncodingSteps":64,"AcquisitionMatrixPE":64,"ReconMatrixPE":64,"BandwidthPerPixelPhaseEncode":65.104,"ParallelReductionFactorInPlane":2,"EffectiveEchoSpacing":0.000240001,"DerivedVendorReportedEchoSpacing":0.000480001,"TotalReadoutTime":0.01512,"PixelBandwidth":2694,"DwellTime":2.9e-06,"PhaseEncodingDirection":"j-","SliceTiming":[1.0025,0,1.0525,0.05,1.1025,0.1,1.1525,0.15,1.205,0.2,1.255,0.25,1.305,0.3,1.355,0.35,1.405,0.4,1.455,0.45,1.505,0.5,1.555,0.5525,1.605,0.6025,1.655,0.6525,1.705,0.7025,1.755,0.7525,1.805,0.8025,1.8575,0.8525,1.9075,0.9025,1.9575,0.9525],"ImageOrientationPatientDICOM":[0.996305,0.0773393,-0.0373467,-0.0784112,0.996524,-0.0281435],"InPlanePhaseEncodingDirectionDICOM":"COL","ConversionSoftware":"dcm2niix","ConversionSoftwareVersion":"v1.0.20210317","TaskName":"gng"}
